PATH
  remote: .
  specs:
    exvo-auth (0.11.0)
      actionpack (~> 3.0.0)
      activemodel (~> 3.0.0)
      httparty (~> 0.6.1)
      oa-oauth (~> 0.0.4)

GEM
  remote: http://rubygems.org/
  specs:
    abstract (1.0.0)
    actionpack (3.0.3)
      activemodel (= 3.0.3)
      activesupport (= 3.0.3)
      builder (~> 2.1.2)
      erubis (~> 2.6.6)
      i18n (~> 0.4)
      rack (~> 1.2.1)
      rack-mount (~> 0.6.13)
      rack-test (~> 0.5.6)
      tzinfo (~> 0.3.23)
    activemodel (3.0.3)
      activesupport (= 3.0.3)
      builder (~> 2.1.2)
      i18n (~> 0.4)
    activesupport (3.0.3)
    addressable (2.2.2)
    builder (2.1.2)
    crack (0.1.8)
    erubis (2.6.6)
      abstract (>= 1.0.0)
    faraday (0.4.6)
      addressable (>= 2.1.1)
      rack (>= 1.0.1)
    httparty (0.6.1)
      crack (= 0.1.8)
    i18n (0.4.2)
    mocha (0.9.9)
      rake
    multi_json (0.0.5)
    nokogiri (1.4.3.1)
    oa-core (0.0.5)
      rack (~> 1.1)
    oa-oauth (0.0.5)
      multi_json (~> 0.0.2)
      nokogiri (~> 1.4.2)
      oa-core (= 0.0.5)
      oauth (~> 0.4.0)
      oauth2 (~> 0.0.10)
    oauth (0.4.4)
    oauth2 (0.0.13)
      faraday (~> 0.4.1)
      multi_json (>= 0.0.4)
    rack (1.2.1)
    rack-mount (0.6.13)
      rack (>= 1.0.0)
    rack-test (0.5.6)
      rack (>= 1.0)
    rake (0.8.7)
    test-unit (2.1.1)
    tzinfo (0.3.23)

PLATFORMS
  ruby

DEPENDENCIES
  actionpack (~> 3.0.0)
  activemodel (~> 3.0.0)
  bundler (~> 1.0.0)
  exvo-auth!
  httparty (~> 0.6.1)
  mocha (~> 0.9.8)
  oa-oauth (~> 0.0.4)
  test-unit (~> 2.1.0)
